GEM
  remote: https://www.rubygems.org/
  specs:
    bourbon (3.1.4)
      sass (>= 3.2.0)
      thor
    neat (1.3.0)
      bourbon (>= 2.1)
      sass (>= 3.2)
    rack (1.5.2)
    rack-protection (1.5.0)
      rack
    sass (3.2.8)
    shotgun (0.9)
      rack (>= 1.0)
    sinatra (1.4.2)
      rack (~> 1.5, >= 1.5.2)
      rack-protection (~> 1.4)
      tilt (~> 1.3, >= 1.3.4)
    slim (1.3.8)
      temple (~> 0.6.3)
      tilt (~> 1.3.3)
    temple (0.6.4)
    thor (0.18.1)
    tilt (1.3.7)

PLATFORMS
  ruby

DEPENDENCIES
  bourbon
  neat
  sass
  shotgun
  sinatra
  slim
